{
    "EMGPlacementScheme": "Other",
    "EMGPlacementSchemeDescription": "Four grids were carefully positioned side-to-side with a 4-mm distance between the electrodes at the edges of adjacent grids. The 256 electrodes were centered to the muscle belly (right tibialis anterior or vastus lateralis) and laid within the muscle perimeter identified through palpation. Two bands damped with water were placed around the ankle as ground (R2) and reference (R1) electrodes.",
    "EMGReference": "R1",
    "SamplingFrequency": 2048,
    "PowerLineFrequency": 50,
    "RecordingDuration": 54.0,
    "SoftwareFilters": "n/a",
    "RecordingType": "continuous",
    "SkinPreparation": "The skin was shaved and cleaned with an abrasive pad and water.",
    "EMGGround": "R2",
    "ElectrodeManufacturer": "OTBioelettronica",
    "ElectrodeManufacturersModelName": "GR04MM1305",
    "ElectrodeMaterial": "gold coated",
    "InterelectrodeDistance": 4,
    "EMGElectrodeCount": 258,
    "EMGChannelCount": 256,
    "MISCChannelCount": 3,
    "Manufacturer": "OTBioelettronica",
    "ManufacturersModelName": "Quattrocento",
    "SoftwareVersions": "OTBioLab+ v.1.5.6.0",
    "Gain": 150,
    "HardwareFilters": {
        "HighPassFilter": {
            "CutoffFrequency": 10,
            "Unit": "Hz",
            "Description": "Analog high-pass filter (-3 dB cutoff)"
        },
        "LowPassFilter": {
            "CutoffFrequency": 500,
            "Unit": "Hz",
            "Description": "Analog low-pass filter (-3 dB cutoff)"
        }
    },
    "TaskName": "isometric40percentmvc",
    "TaskDescription": "Trapezoidal contraction: MVC level: 40 % MVC; MVC rate during ramps: 5 % MVC / s; plateau duration: 20 s.",
    "Instructions": "Follow path provided via visual feedback.",
    "InstitutionName": "Imperial College London",
    "InstitutionAddress": "London W12 0BZ, United Kingdom",
    "InstitutionalDepartmentName": "Department of Bioengineering",
    "DeviceSerialNumber": "n/a"
}
